GEM
  remote: https://rubygems.org/
  specs:
    csv (0.1.0)
    image_size (3.4.0)
    nkf (0.2.0)
    pastel (0.8.0)
      tty-color (~> 0.5)
    rake (13.2.1)
    review (5.10.0)
      csv
      image_size
      nkf
      rexml
      rouge
      rubyzip
      tty-logger
    rexml (3.4.1)
    rouge (4.6.0)
    rubyzip (2.4.1)
    tty-color (0.6.0)
    tty-logger (0.6.0)
      pastel (~> 0.8)

PLATFORMS
  x86_64-linux

DEPENDENCIES
  rake
  review

BUNDLED WITH
   2.4.10
